GEM
  remote: https://rubygems.org/
  specs:
    bluecloth (2.2.0)
    comp_tree (1.1.3)
    diff-lcs (1.2.5)
    drake (0.9.2.0.3.1)
      comp_tree (>= 1.1.3)
    json (1.8.2)
    mime-types (1.25)
    mizuho (0.9.20)
      nokogiri (>= 1.4.0)
      sqlite3
    nokogiri (1.5.9)
    rack (1.5.2)
    rake (10.3.2)
    rspec (2.14.1)
      rspec-core (~> 2.14.0)
      rspec-expectations (~> 2.14.0)
      rspec-mocks (~> 2.14.0)
    rspec-core (2.14.8)
    rspec-expectations (2.14.5)
      diff-lcs (>= 1.1.3, < 2.0)
    rspec-mocks (2.14.6)
    sqlite3 (1.3.9)

PLATFORMS
  ruby

DEPENDENCIES
  bluecloth
  drake
  json
  mime-types (= 1.25)
  mizuho
  nokogiri (= 1.5.9)
  rack
  rake
  rspec (= 2.14.1)
